GEM
  remote: https://rubygems.org/
  specs:
    byebug (11.1.3)
    net-scp (3.0.0)
      net-ssh (>= 2.6.5, < 7.0.0)
    net-ssh (6.1.0)
    rake (13.0.6)
    sshkit (1.21.2)
      net-scp (>= 1.1.2)
      net-ssh (>= 2.8.0)

PLATFORMS
  x86_64-darwin-21

DEPENDENCIES
  byebug
  rake
  sshkit

BUNDLED WITH
   2.2.32
